PATH
  remote: .
  specs:
    login_records (0.1.3)

GEM
  remote: https://rubygems.org/
  specs:
    rake (13.0.3)

PLATFORMS
  x86_64-linux

DEPENDENCIES
  login_records!
  rake

BUNDLED WITH
   2.2.6
